PATH
  remote: .
  specs:
    buildlights (0.0.3)
      hpricot (~> 0.8)
      simple-rss (~> 1.2)

GEM
  remote: http://rubygems.org/
  specs:
    hpricot (0.8.4)
    rake (13.0.1)
    rspec (1.3.2)
    simple-rss (1.2.3)

PLATFORMS
  ruby

DEPENDENCIES
  buildlights!
  rake
  rspec (~> 1.3)
